PATH
  remote: .
  specs:
    wduck (0.1.5)
      gli (= 2.7.0)
      htmlentities
      httpclient
      rainbow

GEM
  remote: https://rubygems.org/
  specs:
    gli (2.7.0)
    htmlentities (4.3.1)
    httpclient (2.2.0.2)
    rainbow (1.1.4)
    rake (10.1.0)

PLATFORMS
  ruby

DEPENDENCIES
  htmlentities
  httpclient
  rainbow
  rake
  wduck!
